PATH
  remote: .
  specs:
    geoip_server (1.3.0)
      geoip (~> 1.1)
      multi_json (~> 1.3)
      newrelic_rpm (~> 3.4)
      puma
      sinatra (~> 1.1)

GEM
  remote: https://rubygems.org/
  specs:
    activesupport (6.0.2.1)
      concurrent-ruby (~> 1.0, >= 1.0.2)
      i18n (>= 0.7, < 2)
      minitest (~> 5.1)
      tzinfo (~> 1.1)
      zeitwerk (~> 2.2)
    concurrent-ruby (1.1.6)
    docile (1.3.2)
    geoip (1.6.4)
    i18n (1.8.2)
      concurrent-ruby (~> 1.0)
    minitest (5.14.0)
    multi_json (1.14.1)
    newrelic_rpm (3.18.1.330)
    nio4r (2.5.2)
    puma (4.3.1)
      nio4r (~> 2.0)
    rack (1.6.13)
    rack-protection (1.5.5)
      rack
    rack-test (1.1.0)
      rack (>= 1.0, < 3)
    rake (13.0.1)
    shoulda (3.6.0)
      shoulda-context (~> 1.0, >= 1.0.1)
      shoulda-matchers (~> 3.0)
    shoulda-context (1.2.2)
    shoulda-matchers (3.1.3)
      activesupport (>= 4.0.0)
    simplecov (0.18.5)
      docile (~> 1.1)
      simplecov-html (~> 0.11)
    simplecov-html (0.12.1)
    sinatra (1.4.8)
      rack (~> 1.5)
      rack-protection (~> 1.4)
      tilt (>= 1.3, < 3)
    thread_safe (0.3.6)
    tilt (2.0.10)
    tzinfo (1.2.6)
      thread_safe (~> 0.1)
    zeitwerk (2.2.2)

PLATFORMS
  ruby

DEPENDENCIES
  geoip_server!
  rack-test
  rake
  shoulda
  simplecov

RUBY VERSION
   ruby 2.6.5p114

BUNDLED WITH
   1.17.3
